PATH
  remote: .
  specs:
    calios-uia-extension (0.0.2)
      calabash-cucumber (>= 0.9.169)
      to_boolean (~> 1.0)

GEM
  remote: https://rubygems.org/
  specs:
    CFPropertyList (2.2.8)
    ansi (1.4.3)
    awesome_print (1.2.0)
    builder (3.2.2)
    calabash-common (0.0.1)
      cucumber (~> 1.3.0)
    calabash-cucumber (0.9.169)
      CFPropertyList
      awesome_print
      bundler (~> 1.1)
      calabash-common (~> 0.0.1)
      cucumber (~> 1.3.0)
      edn
      geocoder (~> 1.1.8)
      httpclient (~> 2.3.3)
      json
      run_loop (~> 0.2.1)
      sim_launcher (~> 0.4.11)
      slowhandcuke
      xamarin-test-cloud (~> 0.9.27)
    cucumber (1.3.16)
      builder (>= 2.1.2)
      diff-lcs (>= 1.1.3)
      gherkin (~> 2.12)
      multi_json (>= 1.7.5, < 2.0)
      multi_test (>= 0.1.1)
    diff-lcs (1.2.5)
    edn (1.0.6)
    geocoder (1.1.9)
    gherkin (2.12.2)
      multi_json (~> 1.3)
    httpclient (2.3.4.1)
    json (1.8.1)
    mime-types (1.25.1)
    minitest (5.4.1)
    minitest-reporters (1.0.5)
      ansi
      builder
      minitest (>= 5.0)
      ruby-progressbar
    multi_json (1.10.1)
    multi_test (0.1.1)
    rack (1.5.2)
    rack-protection (1.5.3)
      rack
    rake (10.3.2)
    rdoc (4.1.1)
      json (~> 1.4)
    rest-client (1.6.8)
      mime-types (~> 1.16)
      rdoc (>= 2.4.2)
    retriable (1.3.3.1)
    ruby-progressbar (1.5.1)
    rubyzip (1.1.6)
    run_loop (0.2.1)
      json
      thor
    sim_launcher (0.4.11)
      sinatra
    sinatra (1.4.5)
      rack (~> 1.4)
      rack-protection (~> 1.4)
      tilt (~> 1.3, >= 1.3.4)
    slowhandcuke (0.0.3)
      cucumber
    thor (0.19.1)
    tilt (1.4.1)
    to_boolean (1.0.1)
    xamarin-test-cloud (0.9.37)
      bundler (>= 1.3.0, < 2.0)
      json
      mime-types (< 2.0)
      rest-client (~> 1.6.7)
      retriable (~> 1.3.3.1)
      rubyzip (~> 1.1)
      thor (>= 0.18.1)

PLATFORMS
  ruby

DEPENDENCIES
  calios-uia-extension!
  minitest (~> 5.4)
  minitest-reporters (~> 1.0)
  rake (~> 10.3)
